GEM
  remote: http://rubygems.org/
  specs:
    activesupport (3.2.11)
      i18n (~> 0.6)
      multi_json (~> 1.0)
    diff-lcs (1.1.3)
    git (1.2.5)
    httparty (0.10.0)
      multi_json (~> 1.0)
      multi_xml
    i18n (0.6.1)
    jeweler (1.8.4)
      bundler (~> 1.0)
      git (>= 1.2.5)
      rake
      rdoc
    json (1.7.6)
    lastfm (1.4.0)
      activesupport (>= 3.0.3)
      httparty
      xml-simple
    multi_json (1.5.0)
    multi_xml (0.5.2)
    rake (10.0.3)
    rb-appscript (0.6.1)
    rdoc (3.12)
      json (~> 1.4)
    rspec (2.11.0)
      rspec-core (~> 2.11.0)
      rspec-expectations (~> 2.11.0)
      rspec-mocks (~> 2.11.0)
    rspec-core (2.11.1)
    rspec-expectations (2.11.3)
      diff-lcs (~> 1.1.3)
    rspec-mocks (2.11.3)
    unicode_utils (1.3.0)
    xml-simple (1.1.2)

PLATFORMS
  ruby

DEPENDENCIES
  jeweler (~> 1.8.4)
  lastfm (= 1.4.0)
  rb-appscript (= 0.6.1)
  rdoc
  rspec (~> 2.11.0)
  unicode_utils (= 1.3.0)
