GEM
  remote: http://rubygems.org/
  specs:
    activesupport (3.2.2)
      i18n (~> 0.6)
      multi_json (~> 1.0)
    diff-lcs (1.1.3)
    git (1.2.5)
    httparty (0.8.1)
      multi_json
      multi_xml
    i18n (0.6.0)
    jeweler (1.8.3)
      bundler (~> 1.0)
      git (>= 1.2.5)
      rake
      rdoc
    json (1.6.5)
    lastfm (1.4.0)
      activesupport (>= 3.0.3)
      httparty
      xml-simple
    multi_json (1.1.0)
    multi_xml (0.4.1)
    rake (0.9.2.2)
    rdoc (3.12)
      json (~> 1.4)
    rspec (2.8.0)
      rspec-core (~> 2.8.0)
      rspec-expectations (~> 2.8.0)
      rspec-mocks (~> 2.8.0)
    rspec-core (2.8.0)
    rspec-expectations (2.8.0)
      diff-lcs (~> 1.1.2)
    rspec-mocks (2.8.0)
    xml-simple (1.1.1)

PLATFORMS
  ruby

DEPENDENCIES
  jeweler (~> 1.8.3)
  lastfm (= 1.4.0)
  rdoc
  rspec (~> 2.8.0)
